GEM
  remote: http://rubygems.org/
  specs:
    abstract (1.0.0)
    actionmailer (3.0.0)
      actionpack (= 3.0.0)
      mail (~> 2.2.5)
    actionpack (3.0.0)
      activemodel (= 3.0.0)
      activesupport (= 3.0.0)
      builder (~> 2.1.2)
      erubis (~> 2.6.6)
      i18n (~> 0.4.1)
      rack (~> 1.2.1)
      rack-mount (~> 0.6.12)
      rack-test (~> 0.5.4)
      tzinfo (~> 0.3.23)
    activemodel (3.0.0)
      activesupport (= 3.0.0)
      builder (~> 2.1.2)
      i18n (~> 0.4.1)
    activerecord (3.0.0)
      activemodel (= 3.0.0)
      activesupport (= 3.0.0)
      arel (~> 1.0.0)
      tzinfo (~> 0.3.23)
    activeresource (3.0.0)
      activemodel (= 3.0.0)
      activesupport (= 3.0.0)
    activesupport (3.0.0)
    addressable (2.2.2)
    arel (1.0.1)
      activesupport (~> 3.0.0)
    attr_required (0.0.3)
    bcrypt-ruby (2.1.2)
    builder (2.1.2)
    daemons (1.1.0)
    devise (1.1.3)
      bcrypt-ruby (~> 2.1.2)
      warden (~> 0.10.7)
    erubis (2.6.6)
      abstract (>= 1.0.0)
    faraday (0.4.6)
      addressable (>= 2.1.1)
      rack (>= 1.0.1)
    fb_graph (1.9.4)
      httpclient (>= 2.2.0.2)
      rack-oauth2 (>= 0.8.0)
    gem_plugin (0.2.3)
    httpclient (2.2.1)
    i18n (0.4.1)
    json (1.5.3)
    mail (2.2.7)
      activesupport (>= 2.3.6)
      mime-types
      treetop (>= 1.4.5)
    mime-types (1.16)
    mongrel (1.2.0.pre2)
      daemons (~> 1.1.0)
      gem_plugin (~> 0.2.3)
    multi_json (0.0.4)
    mysql (2.8.1)
    net-ldap (0.1.1)
    nifty-generators (0.4.1)
    nokogiri (1.4.3.1)
    oa-basic (0.1.4)
      multi_json (~> 0.0.2)
      nokogiri (~> 1.4.2)
      oa-core (= 0.1.4)
      rest-client (~> 1.6.0)
    oa-core (0.1.4)
      rack (~> 1.1)
    oa-enterprise (0.1.4)
      net-ldap (~> 0.1.1)
      nokogiri (~> 1.4.2)
      oa-core (= 0.1.4)
      rubyntlm (~> 0.1.1)
    oa-oauth (0.1.4)
      multi_json (~> 0.0.2)
      nokogiri (~> 1.4.2)
      oa-core (= 0.1.4)
      oauth (~> 0.4.0)
      oauth2 (~> 0.0.10)
    oa-openid (0.1.4)
      oa-core (= 0.1.4)
      rack-openid (~> 1.1.1)
      ruby-openid-apps-discovery
    oauth (0.4.3)
    oauth2 (0.0.13)
      faraday (~> 0.4.1)
      multi_json (>= 0.0.4)
    omniauth (0.1.4)
      oa-basic (= 0.1.4)
      oa-core (= 0.1.4)
      oa-enterprise (= 0.1.4)
      oa-oauth (= 0.1.4)
      oa-openid (= 0.1.4)
    passport (0.1.1)
      activesupport (>= 2.1.2)
      json
      oauth
      oauth2
      rack-openid (>= 0.2.1)
      ruby-openid
    polyglot (0.3.1)
    prawn (0.8.4)
      prawn-core (>= 0.8.4, < 0.9)
      prawn-layout (>= 0.8.4, < 0.9)
      prawn-security (>= 0.8.4, < 0.9)
    prawn-core (0.8.4)
    prawn-layout (0.8.4)
    prawn-security (0.8.4)
    rack (1.2.1)
    rack-mount (0.6.13)
      rack (>= 1.0.0)
    rack-oauth2 (0.8.5)
      activesupport (>= 2.3)
      attr_required (>= 0.0.3)
      httpclient (>= 2.2.0.2)
      i18n
      json (>= 1.4.3)
      rack (>= 1.1)
    rack-openid (1.1.2)
      rack (>= 0.4)
      ruby-openid (>= 2.0.3)
    rack-test (0.5.6)
      rack (>= 1.0)
    rails (3.0.0)
      actionmailer (= 3.0.0)
      actionpack (= 3.0.0)
      activerecord (= 3.0.0)
      activeresource (= 3.0.0)
      activesupport (= 3.0.0)
      bundler (~> 1.0.0)
      railties (= 3.0.0)
    railties (3.0.0)
      actionpack (= 3.0.0)
      activesupport (= 3.0.0)
      rake (>= 0.8.4)
      thor (~> 0.14.0)
    rake (0.8.7)
    rest-client (1.6.1)
      mime-types (>= 1.16)
    ruby-openid (2.1.8)
    ruby-openid-apps-discovery (1.2.0)
      ruby-openid (>= 2.1.7)
    rubyntlm (0.1.1)
    thor (0.14.3)
    treetop (1.4.8)
      polyglot (>= 0.3.1)
    tzinfo (0.3.23)
    warden (0.10.7)
      rack (>= 1.0.0)

PLATFORMS
  ruby

DEPENDENCIES
  devise
  fb_graph
  mongrel (= 1.2.0.pre2)
  mysql
  nifty-generators
  omniauth
  passport
  prawn
  rails (= 3.0.0)
